GEM
  remote: https://rubygems.org/
  specs:
    coderay (1.1.2)
    method_source (0.9.2)
    power_assert (1.1.4)
    pry (0.12.2)
      coderay (~> 1.1.0)
      method_source (~> 0.9.0)
    sorbet (0.4.4429)
      sorbet-static (= 0.4.4429)
    sorbet-runtime (0.4.4429)
    sorbet-static (0.4.4429-universal-darwin-14)
    test-unit (3.3.3)
      power_assert

PLATFORMS
  ruby

DEPENDENCIES
  pry
  sorbet
  sorbet-runtime
  test-unit

BUNDLED WITH
   2.0.1
